PATH
  remote: .
  specs:
    ruby-nmap (0.7.0)
      nokogiri (~> 1.3)
      rprogram (~> 0.3)

GEM
  remote: https://rubygems.org/
  specs:
    diff-lcs (1.2.4)
    mini_portile (0.5.1)
    nokogiri (1.6.0)
      mini_portile (~> 0.5.0)
    rake (10.1.0)
    rprogram (0.3.2)
    rspec (2.14.1)
      rspec-core (~> 2.14.0)
      rspec-expectations (~> 2.14.0)
      rspec-mocks (~> 2.14.0)
    rspec-core (2.14.3)
    rspec-expectations (2.14.0)
      diff-lcs (>= 1.1.3, < 2.0)
    rspec-mocks (2.14.1)
    rubygems-tasks (0.2.4)
    yard (0.8.6.2)

PLATFORMS
  ruby

DEPENDENCIES
  rake (~> 10.0)
  rspec (~> 2.4)
  ruby-nmap!
  rubygems-tasks (~> 0.1)
  yard (~> 0.7)
